PATH
  remote: .
  specs:
    angular-faye-rails (0.1.0)

GEM
  remote: http://rubygems.org/
  specs:
    rake (10.0.4)

PLATFORMS
  ruby

DEPENDENCIES
  angular-faye-rails!
  bundler (~> 1.3)
  rake
